PATH
  remote: .
  specs:
    minitest_log (0.2.0)
      diff-lcs (~> 1.3)
      minitest (~> 5.0)

GEM
  remote: https://rubygems.org/
  specs:
    diff-lcs (1.3)
    markdown_helper (2.1.0)
    minitest (5.11.3)
    rake (10.5.0)

PLATFORMS
  x64-mingw32

DEPENDENCIES
  bundler (~> 1.7)
  markdown_helper (~> 2.0)
  minitest_log!
  rake (~> 10.0)

BUNDLED WITH
   1.17.3
