PATH
  remote: .
  specs:
    minitest_log (0.1.0)
      diff-lcs (~> 1.3)

GEM
  remote: https://rubygems.org/
  specs:
    diff-lcs (1.3)
    minitest (5.11.3)
    rake (10.5.0)

PLATFORMS
  x64-mingw32

DEPENDENCIES
  bundler (~> 1.16)
  minitest (~> 5.0)
  minitest_log!
  rake (~> 10.0)

BUNDLED WITH
   1.16.2
